PATH
  remote: .
  specs:
    message_gateway (0.0.1)
      activerecord (= 2.3.8)
      chirpstream
      em-http-request (>= 0.2.11)
      em-jack
      eventmachine
      haml
      http_router (>= 0.3.10)
      json
      mysqlplus
      nokogiri
      oauth (>= 0.4.2)
      padrino
      rack
      sinatra
      thin
      thin_async (>= 0.1.1)
      will_paginate (~> 2.3.11)
      yajl-ruby (>= 0.7.5)

GEM
  remote: http://rubygems.org/
  specs:
    activerecord (2.3.8)
      activesupport (= 2.3.8)
    activesupport (2.3.8)
    addressable (2.2.0)
    callsite (0.0.4)
    chirpstream (0.1.0)
      em-http-request (>= 0.2.7)
      eventmachine (>= 0.12.10)
      load_path_find (>= 0.0.5)
      oauth (>= 0.4.0)
      yajl-ruby (>= 0.7.5)
    code_stats (0.0.1)
      dirge (>= 0.0.3)
      rainbow
    daemons (1.1.0)
    dirge (0.0.5)
      callsite (>= 0.0.2)
    em-http-request (0.2.11)
      addressable (>= 2.0.0)
      eventmachine (>= 0.12.9)
    em-jack (0.1.1)
      eventmachine
    em-spec (0.2.1)
    eventmachine (0.12.10)
    git (1.2.5)
    haml (3.0.18)
    http_router (0.3.14)
      rack (>= 1.0)
      url_mount (>= 0.2.1)
    i18n (0.4.1)
    json (1.4.6)
    load_path_find (0.0.6)
      callsite (>= 0.0.2)
    mail (2.2.5)
      activesupport (>= 2.3.6)
      mime-types
      treetop (>= 1.4.5)
    mime-types (1.16)
    mocha (0.9.8)
      rake
    mysqlplus (0.1.2)
    nokogiri (1.4.3.1)
    oauth (0.4.2)
    padrino (0.9.15)
      padrino-admin (= 0.9.15)
      padrino-core (= 0.9.15)
      padrino-gen (= 0.9.15)
      padrino-helpers (= 0.9.15)
      padrino-mailer (= 0.9.15)
    padrino-admin (0.9.15)
      padrino-core (= 0.9.15)
      padrino-gen (= 0.9.15)
      padrino-helpers (= 0.9.15)
    padrino-core (0.9.15)
      activesupport (>= 2.3.8)
      http_router (>= 0.3.13)
      sinatra (>= 1.0.0)
      thor (>= 0.13.0)
    padrino-gen (0.9.15)
      bundler (>= 1.0.0.rc.2)
      git
      padrino-core (= 0.9.15)
    padrino-helpers (0.9.15)
      i18n (>= 0.4.1)
      padrino-core (= 0.9.15)
    padrino-mailer (0.9.15)
      mail (>= 2.2.0)
      padrino-core (= 0.9.15)
    polyglot (0.3.1)
    rack (1.2.1)
    rainbow (1.1)
    rake (0.8.7)
    rspec (1.3.0)
    sinatra (1.0)
      rack (>= 1.0)
    thin (1.2.7)
      daemons (>= 1.0.9)
      eventmachine (>= 0.12.6)
      rack (>= 1.0.0)
    thin_async (0.1.1)
      thin (>= 1.2.1)
    thor (0.14.0)
    treetop (1.4.8)
      polyglot (>= 0.3.1)
    url_mount (0.2.1)
      rack
    will_paginate (2.3.14)
    yajl-ruby (0.7.7)

PLATFORMS
  ruby

DEPENDENCIES
  activerecord (= 2.3.8)
  bundler (>= 1.0.0.rc.3)
  chirpstream
  code_stats
  dirge
  em-http-request (>= 0.2.11)
  em-jack
  em-spec
  eventmachine
  haml
  http_router (>= 0.3.10)
  json
  message_gateway!
  mocha
  mysqlplus
  nokogiri
  oauth (>= 0.4.2)
  padrino
  rack
  rake
  rspec
  sinatra
  thin
  thin_async (>= 0.1.1)
  will_paginate (~> 2.3.11)
  yajl-ruby (>= 0.7.5)
