PATH
  remote: .
  specs:
    message_gateway (0.0.1)
      activerecord (= 2.3.8)
      chirpstream
      em-http-request (>= 0.2.11)
      em-jack
      eventmachine
      haml
      http_router (>= 0.3.10)
      json
      mysqlplus
      nokogiri
      oauth (>= 0.4.2)
      padrino (= 0.9.15)
      rack (= 1.0)
      sinatra (>= 1.0.0)
      thin
      thin_async (>= 0.1.1)
      will_paginate (~> 2.3.11)
      yajl-ruby (>= 0.7.5)

GEM
  remote: http://rubygems.org/
  specs:
    activerecord (2.3.8)
      activesupport (= 2.3.8)
    activesupport (2.3.8)
    addressable (2.2.6)
    callsite (0.0.5)
      bundler (~> 1.0.0)
    chirpstream (0.1.0)
      em-http-request (>= 0.2.7)
      eventmachine (>= 0.12.10)
      load_path_find (>= 0.0.5)
      oauth (>= 0.4.0)
      yajl-ruby (>= 0.7.5)
    code_stats (0.0.1)
      dirge (>= 0.0.3)
      rainbow
    daemons (1.1.4)
    diff-lcs (1.1.2)
    dirge (0.0.5)
      callsite (>= 0.0.2)
    em-http-request (0.3.0)
      addressable (>= 2.0.0)
      escape_utils
      eventmachine (>= 0.12.9)
    em-jack (0.1.3)
      eventmachine
    em-spec (0.2.1)
    escape_utils (0.2.3)
    eventmachine (0.12.10)
    git (1.2.5)
    haml (3.1.2)
    http_router (0.8.11)
      rack (>= 1.0.0)
      url_mount (~> 0.2.1)
    i18n (0.6.0)
    json (1.5.3)
    load_path_find (0.0.6)
      callsite (>= 0.0.2)
    mail (2.3.0)
      i18n (>= 0.4.0)
      mime-types (~> 1.16)
      treetop (~> 1.4.8)
    mime-types (1.16)
    mocha (0.9.12)
    mysqlplus (0.1.2)
    nokogiri (1.5.0)
    oauth (0.4.5)
    padrino (0.9.15)
      padrino-admin (= 0.9.15)
      padrino-core (= 0.9.15)
      padrino-gen (= 0.9.15)
      padrino-helpers (= 0.9.15)
      padrino-mailer (= 0.9.15)
    padrino-admin (0.9.15)
      padrino-core (= 0.9.15)
      padrino-gen (= 0.9.15)
      padrino-helpers (= 0.9.15)
    padrino-core (0.9.15)
      activesupport (>= 2.3.8)
      http_router (>= 0.3.13)
      sinatra (>= 1.0.0)
      thor (>= 0.13.0)
    padrino-gen (0.9.15)
      bundler (>= 1.0.0.rc.2)
      git
      padrino-core (= 0.9.15)
    padrino-helpers (0.9.15)
      i18n (>= 0.4.1)
      padrino-core (= 0.9.15)
    padrino-mailer (0.9.15)
      mail (>= 2.2.0)
      padrino-core (= 0.9.15)
    polyglot (0.3.1)
    rack (1.0.0)
    rainbow (1.1.1)
    rake (0.9.2)
    rspec (2.6.0)
      rspec-core (~> 2.6.0)
      rspec-expectations (~> 2.6.0)
      rspec-mocks (~> 2.6.0)
    rspec-core (2.6.4)
    rspec-expectations (2.6.0)
      diff-lcs (~> 1.1.2)
    rspec-mocks (2.6.0)
    sinatra (1.0)
      rack (>= 1.0)
    thin (1.2.11)
      daemons (>= 1.0.9)
      eventmachine (>= 0.12.6)
      rack (>= 1.0.0)
    thin_async (0.1.1)
      thin (>= 1.2.1)
    thor (0.14.6)
    treetop (1.4.9)
      polyglot (>= 0.3.1)
    url_mount (0.2.1)
      rack
    will_paginate (2.3.15)
    yajl-ruby (0.8.2)

PLATFORMS
  ruby

DEPENDENCIES
  bundler (~> 1.0.15)
  code_stats
  dirge
  em-spec
  message_gateway!
  mocha
  rake
  rspec
