PATH
  remote: .
  specs:
    message_gateway (0.0.3)
      activerecord (>= 3.0.9, < 7.1.0)
      async_sinatra
      builder
      chirpstream
      em-http-request (~> 1.0.0)
      em-jack
      eventmachine
      haml
      http_router (>= 0.8.10)
      json
      mysqlplus
      nokogiri
      oauth (>= 0.4.2)
      padrino (= 0.10.1)
      rack (~> 1.1)
      sinatra (~> 1.2.6)
      thin (~> 1.2.11)
      thin_async (>= 0.1.1)
      will_paginate (~> 3.0.2)
      yajl-ruby (>= 0.7.5)

GEM
  remote: https://rubygems.org/
  specs:
    activerecord (3.2.14)
    activesupport (3.0.20)
    addressable (2.2.6)
    async_sinatra (0.5.0)
      rack (>= 1.2.1)
      sinatra (>= 1.0)
    backports (3.23.0)
    bacon (1.1.0)
    builder (3.2.4)
    callsite (0.0.11)
    chirpstream (0.1.0)
      em-http-request (>= 0.2.7)
      eventmachine (>= 0.12.10)
      load_path_find (>= 0.0.5)
      oauth (>= 0.4.0)
      yajl-ruby (>= 0.7.5)
    code_stats (0.0.1)
      dirge (>= 0.0.3)
      rainbow
    cookiejar (0.3.3)
    crack (0.3.1)
    daemons (1.4.1)
    diff-lcs (1.1.3)
    dirge (0.0.5)
      callsite (>= 0.0.2)
    em-http-request (1.0.3)
      addressable (>= 2.2.3)
      cookiejar
      em-socksify
      eventmachine (>= 1.0.0.beta.4)
      http_parser.rb (>= 0.5.3)
    em-jack (0.1.5)
      eventmachine (>= 0.12.10)
    em-socksify (0.3.2)
      eventmachine (>= 1.0.0.beta.4)
    em-spec (0.2.5)
      bacon
      eventmachine
      rspec (~> 2.6.0)
      test-unit
    eventmachine (1.0.0.beta.4)
    grit (2.4.1)
      diff-lcs (~> 1.1)
      mime-types (~> 1.15)
    haml (5.2.2)
      temple (>= 0.8.0)
      tilt
    http_parser.rb (0.8.0)
    http_router (0.9.7)
      rack (>= 1.0.0)
      url_mount (~> 0.2.1)
    i18n (0.5.4)
    json (2.6.2)
    load_path_find (0.0.6)
      callsite (>= 0.0.2)
    mail (2.3.3)
      i18n (>= 0.4.0)
      mime-types (~> 1.16)
      treetop (~> 1.4.8)
    metaclass (0.0.1)
    mime-types (1.25.1)
    mini_portile2 (2.8.0)
    mocha (0.10.0)
      metaclass (~> 0.0.1)
    mysqlplus (0.1.2)
    nokogiri (1.13.7)
      mini_portile2 (~> 2.8.0)
      racc (~> 1.4)
    oauth (0.5.10)
    padrino (0.10.1)
      padrino-admin (= 0.10.1)
      padrino-cache (= 0.10.1)
      padrino-core (= 0.10.1)
      padrino-gen (= 0.10.1)
      padrino-helpers (= 0.10.1)
      padrino-mailer (= 0.10.1)
    padrino-admin (0.10.1)
      padrino-core (= 0.10.1)
      padrino-helpers (= 0.10.1)
    padrino-cache (0.10.1)
      padrino-core (= 0.10.1)
    padrino-core (0.10.1)
      activesupport (~> 3.0.0)
      http_router (~> 0.9.4)
      sinatra (~> 1.2.6)
      thor (~> 0.14.3)
      tilt (~> 1.3.0)
    padrino-gen (0.10.1)
      bundler (~> 1.0)
      grit (~> 2.4.1)
      padrino-core (= 0.10.1)
    padrino-helpers (0.10.1)
      i18n (~> 0.5.0)
      padrino-core (= 0.10.1)
    padrino-mailer (0.10.1)
      mail (~> 2.3.0)
      padrino-core (= 0.10.1)
    polyglot (0.3.5)
    racc (1.6.0)
    rack (1.4.7)
    rainbow (1.1.3)
    rake (0.9.2.2)
    rspec (2.6.0)
      rspec-core (~> 2.6.0)
      rspec-expectations (~> 2.6.0)
      rspec-mocks (~> 2.6.0)
    rspec-core (2.6.4)
    rspec-expectations (2.6.0)
      diff-lcs (~> 1.1.2)
    rspec-mocks (2.6.0)
    sinatra (1.2.9)
      backports
      rack (~> 1.1, < 1.5)
      tilt (>= 1.2.2, < 2.0)
    temple (0.8.2)
    test-unit (2.4.4)
    thin (1.2.11)
      daemons (>= 1.0.9)
      eventmachine (>= 0.12.6)
      rack (>= 1.0.0)
    thin_async (0.3.0)
      thin (>= 1.2.1)
    thor (0.14.6)
    tilt (1.3.7)
    treetop (1.4.15)
      polyglot
      polyglot (>= 0.3.1)
    url_mount (0.2.1)
      rack
    webmock (1.7.8)
      addressable (~> 2.2, > 2.2.5)
      crack (>= 0.1.7)
    will_paginate (3.0.12)
    yajl-ruby (1.4.3)

PLATFORMS
  ruby

DEPENDENCIES
  bundler (~> 1.0)
  code_stats
  dirge
  em-spec
  message_gateway!
  mocha
  rake
  rspec (~> 2.6.0)
  webmock (~> 1.7.8)
